GEM
  remote: http://rubygems.org/
  specs:
    colored (1.2)
    diff-lcs (1.1.2)
    json (1.5.1)
    rack (1.2.1)
    rack-test (0.5.6)
      rack (>= 1.0)
    rake (0.8.7)
    rspec (2.1.0)
      rspec-core (~> 2.1.0)
      rspec-expectations (~> 2.1.0)
      rspec-mocks (~> 2.1.0)
    rspec-core (2.1.0)
    rspec-expectations (2.1.0)
      diff-lcs (~> 1.1.2)
    rspec-mocks (2.1.0)
    simplecov (0.3.9)
      simplecov-html (>= 0.3.7)
    simplecov-html (0.3.9)
    sinatra (1.1.0)
      rack (~> 1.1)
      tilt (~> 1.1)
    tilt (1.2.2)

PLATFORMS
  ruby

DEPENDENCIES
  colored (~> 1.2)
  json (~> 1.5.1)
  rack-test (~> 0.5.6)
  rake (~> 0.8.7)
  rspec (~> 2.1.0)
  simplecov (~> 0.3.9)
  sinatra (~> 1.1.0)
